PATH
  remote: .
  specs:
    gvcs (0.1.1)

GEM
  remote: https://rubygems.org/
  specs:
    colorize (0.8.1)
    devops_assist (0.3.11)
      git_cli
      git_cli_prompt (~> 0.3.3)
      gvcs
      teLogger
      toolrack
      tty-prompt
    git_cli (0.11.3)
      gvcs
      ptools (~> 1.4.0)
      teLogger
      toolrack
    git_cli_prompt (0.3.4)
      teLogger
      toolrack
      tty-prompt
    minitest (5.18.0)
    pastel (0.8.0)
      tty-color (~> 0.5)
    ptools (1.4.3)
    rake (12.3.3)
    release-gem (0.1.10)
      colorize
      git_cli
      gvcs
      teLogger
      toolrack
      tty-command
      tty-prompt
    teLogger (0.2.2)
    toolrack (0.22.0)
    tty-color (0.6.0)
    tty-command (0.10.1)
      pastel (~> 0.8)
    tty-cursor (0.7.1)
    tty-prompt (0.23.1)
      pastel (~> 0.8)
      tty-reader (~> 0.8)
    tty-reader (0.9.0)
      tty-cursor (~> 0.7)
      tty-screen (~> 0.8)
      wisper (~> 2.0)
    tty-screen (0.8.1)
    wisper (2.0.1)

PLATFORMS
  x86_64-linux

DEPENDENCIES
  devops_assist
  gvcs!
  minitest (~> 5.0)
  rake (~> 12.0)
  release-gem

BUNDLED WITH
   2.2.28
