PATH
  remote: .
  specs:
    gvcs (0.1.0)

GEM
  remote: https://rubygems.org/
  specs:
    base58 (0.2.3)
    devops_assist (0.3.1)
      git_cli
      git_cli_prompt
      gvcs
      teLogger
      toolrack
      tty-prompt
    git_cli (0.10.0)
      gvcs
      ptools (~> 1.4.0)
      teLogger
      toolrack
    git_cli_prompt (0.3.1)
      teLogger
      toolrack
      tty-prompt
    minitest (5.17.0)
    pastel (0.8.0)
      tty-color (~> 0.5)
    ptools (1.4.3)
    rake (12.3.3)
    teLogger (0.2.2)
    toolrack (0.20.0)
      base58
    tty-color (0.6.0)
    tty-cursor (0.7.1)
    tty-prompt (0.23.1)
      pastel (~> 0.8)
      tty-reader (~> 0.8)
    tty-reader (0.9.0)
      tty-cursor (~> 0.7)
      tty-screen (~> 0.8)
      wisper (~> 2.0)
    tty-screen (0.8.1)
    wisper (2.0.1)

PLATFORMS
  x86_64-linux

DEPENDENCIES
  devops_assist
  gvcs!
  minitest (~> 5.0)
  rake (~> 12.0)

BUNDLED WITH
   2.2.28
